GEM
  remote: https://rubygems.org/
  specs:
    kramdown (2.3.2)
      rexml
    power_assert (2.0.1)
    rake (13.0.6)
    rexml (3.2.5)
    syntax_tree (2.4.1)
    test-unit (3.5.3)
      power_assert

PLATFORMS
  arm64-darwin-21
  x86_64-darwin-21
  x86_64-linux

DEPENDENCIES
  kramdown
  rake
  syntax_tree
  test-unit

BUNDLED WITH
   2.3.6
